GIT
  remote: git://github.com/adamluzsi/padrino-grape.git
  revision: e1973a96425396db757947ab4ad1d8b88d4c5ceb
  specs:
    padrino-grape (1.1.0)
      grape
      padrino

GEM
  remote: https://rubygems.org/
  specs:
    activemodel (4.2.1)
      activesupport (= 4.2.1)
      builder (~> 3.1)
    activerecord (4.2.1)
      activemodel (= 4.2.1)
      activesupport (= 4.2.1)
      arel (~> 6.0)
    activesupport (4.2.1)
      i18n (~> 0.7)
      json (~> 1.7, >= 1.7.7)
      minitest (~> 5.1)
      thread_safe (~> 0.3, >= 0.3.4)
      tzinfo (~> 1.1)
    arel (6.0.0)
    axiom-types (0.1.1)
      descendants_tracker (~> 0.0.4)
      ice_nine (~> 0.11.0)
      thread_safe (~> 0.3, >= 0.3.1)
    builder (3.2.2)
    coercible (1.0.0)
      descendants_tracker (~> 0.0.1)
    descendants_tracker (0.0.4)
      thread_safe (~> 0.3, >= 0.3.1)
    diff-lcs (1.2.5)
    equalizer (0.0.11)
    grape (0.12.0)
      activesupport
      builder
      hashie (>= 2.1.0)
      multi_json (>= 1.3.2)
      multi_xml (>= 0.5.2)
      rack (>= 1.3.0)
      rack-accept
      rack-mount
      virtus (>= 1.0.0)
    hashie (3.4.2)
    http_router (0.11.1)
      rack (>= 1.0.0)
      url_mount (~> 0.2.1)
    i18n (0.7.0)
    ice_nine (0.11.1)
    json (1.8.3)
    mail (2.5.4)
      mime-types (~> 1.16)
      treetop (~> 1.4.8)
    mime-types (1.25.1)
    mini_record (0.4.6)
      activerecord (>= 3.2.0)
    minitest (5.7.0)
    moneta (0.7.20)
    multi_json (1.11.1)
    multi_xml (0.5.5)
    padrino (0.12.5)
      padrino-admin (= 0.12.5)
      padrino-cache (= 0.12.5)
      padrino-core (= 0.12.5)
      padrino-gen (= 0.12.5)
      padrino-helpers (= 0.12.5)
      padrino-mailer (= 0.12.5)
      padrino-support (= 0.12.5)
    padrino-admin (0.12.5)
      padrino-core (= 0.12.5)
      padrino-helpers (= 0.12.5)
    padrino-cache (0.12.5)
      moneta (~> 0.7.0)
      padrino-core (= 0.12.5)
      padrino-helpers (= 0.12.5)
    padrino-core (0.12.5)
      activesupport (>= 3.1)
      http_router (~> 0.11.0)
      padrino-support (= 0.12.5)
      rack (< 1.6.0)
      rack-protection (>= 1.5.0)
      sinatra (~> 1.4.2)
      thor (~> 0.18)
    padrino-gen (0.12.5)
      bundler (~> 1.0)
      padrino-core (= 0.12.5)
    padrino-helpers (0.12.5)
      i18n (~> 0.6, >= 0.6.7)
      padrino-support (= 0.12.5)
      tilt (~> 1.4.1)
    padrino-mailer (0.12.5)
      mail (~> 2.5.3)
      padrino-core (= 0.12.5)
    padrino-sprockets (0.0.3)
      sprockets
    padrino-support (0.12.5)
      activesupport (>= 3.1)
    polyglot (0.3.5)
    rack (1.5.5)
    rack-accept (0.4.5)
      rack (>= 0.4)
    rack-mount (0.8.3)
      rack (>= 1.0.0)
    rack-protection (1.5.3)
      rack
    rack-test (0.6.3)
      rack (>= 1.0)
    rake (10.4.2)
    rspec (3.2.0)
      rspec-core (~> 3.2.0)
      rspec-expectations (~> 3.2.0)
      rspec-mocks (~> 3.2.0)
    rspec-core (3.2.3)
      rspec-support (~> 3.2.0)
    rspec-expectations (3.2.1)
      diff-lcs (>= 1.2.0, < 2.0)
      rspec-support (~> 3.2.0)
    rspec-mocks (3.2.1)
      diff-lcs (>= 1.2.0, < 2.0)
      rspec-support (~> 3.2.0)
    rspec-support (3.2.2)
    sinatra (1.4.6)
      rack (~> 1.4)
      rack-protection (~> 1.4)
      tilt (>= 1.3, < 3)
    slim (3.0.6)
      temple (~> 0.7.3)
      tilt (>= 1.3.3, < 2.1)
    sprockets (3.2.0)
      rack (~> 1.0)
    sqlite3 (1.3.10)
    temple (0.7.6)
    thor (0.19.1)
    thread_safe (0.3.5)
    tilt (1.4.1)
    treetop (1.4.15)
      polyglot
      polyglot (>= 0.3.1)
    tzinfo (1.2.2)
      thread_safe (~> 0.1)
    url_mount (0.2.1)
      rack
    virtus (1.0.5)
      axiom-types (~> 0.1)
      coercible (~> 1.0)
      descendants_tracker (~> 0.0, >= 0.0.3)
      equalizer (~> 0.0, >= 0.0.9)

PLATFORMS
  ruby

DEPENDENCIES
  grape
  mini_record
  padrino (= 0.12.5)
  padrino-grape!
  padrino-sprockets
  rack-test
  rake
  rspec
  slim
  sqlite3
